PATH
  remote: .
  specs:
    roo (1.10.3)
      nokogiri (>= 1.4.0)
      rubyzip (>= 0.9.9)
      spreadsheet (> 0.6.4)

GEM
  remote: http://rubygems.org/
  specs:
    addressable (2.3.2)
    bones (3.8.0)
      little-plugger (~> 1.1.3)
      loquacious (~> 1.9.1)
      rake (>= 0.8.7)
    crack (0.3.1)
    little-plugger (1.1.3)
    loquacious (1.9.1)
    nokogiri (1.5.6)
    rake (0.9.2.2)
    ruby-ole (1.2.11.6)
    rubyzip (0.9.9)
    shoulda (3.0.1)
      shoulda-context (~> 1.0.0)
      shoulda-matchers (~> 1.0.0)
    shoulda-context (1.0.0)
    shoulda-matchers (1.0.0)
    spreadsheet (0.8.2)
      ruby-ole (>= 1.0)
    webmock (1.9.0)
      addressable (>= 2.2.7)
      crack (>= 0.1.7)

PLATFORMS
  java
  ruby

DEPENDENCIES
  bones (>= 3.8.0)
  roo!
  shoulda
  webmock
